GIT
  remote: git://github.com/nishidayuya/rparsec.git
  revision: 2d198ab1aac5efbc748ffb1a48c9411deef7375f
  branch: fix_SyntaxError
  specs:
    rparsec (1.0)

GEM
  remote: https://rubygems.org/
  specs:
    diff-lcs (1.2.4)
    pattern-match (0.5.1)
    rspec (2.14.1)
      rspec-core (~> 2.14.0)
      rspec-expectations (~> 2.14.0)
      rspec-mocks (~> 2.14.0)
    rspec-core (2.14.6)
    rspec-expectations (2.14.3)
      diff-lcs (>= 1.1.3, < 2.0)
    rspec-mocks (2.14.4)
    sexp (0.2.1)
      rparsec (>= 1.0)

PLATFORMS
  ruby

DEPENDENCIES
  pattern-match
  rparsec!
  rspec
  sexp
